GEM
  remote: http://rubygems.org/
  specs:
    gmail_xoauth (0.3.0)
      oauth (>= 0.3.6)
    haml (3.1.4)
    json (1.6.2)
    mime (0.1)
    oauth (0.4.5)
    rack (1.3.5)
    rack-protection (1.1.4)
      rack
    sinatra (1.3.1)
      rack (~> 1.3, >= 1.3.4)
      rack-protection (~> 1.1, >= 1.1.2)
      tilt (~> 1.3, >= 1.3.3)
    tilt (1.3.3)

PLATFORMS
  ruby

DEPENDENCIES
  gmail_xoauth
  haml
  json
  mime
  sinatra
